GEM
  remote: https://rubygems.org/
  specs:
    coderay (1.1.3)
    diff-lcs (1.5.1)
    ffi (1.16.3)
    io-console (0.7.2)
    itree (0.1.2)
    language_server-protocol (3.17.0.3)
    method_source (1.0.0)
    polyglot (0.3.5)
    prism (0.24.0)
    pry (0.14.2)
      coderay (~> 1.1)
      method_source (~> 1.0)
    rake (13.2.1)
    readline (0.0.4)
      reline
    reline (0.5.0)
      io-console (~> 0.5)
    rspec (3.13.0)
      rspec-core (~> 3.13.0)
      rspec-expectations (~> 3.13.0)
      rspec-mocks (~> 3.13.0)
    rspec-core (3.13.0)
      rspec-support (~> 3.13.0)
    rspec-expectations (3.13.0)
      diff-lcs (>= 1.2.0, < 2.0)
      rspec-support (~> 3.13.0)
    rspec-mocks (3.13.0)
      diff-lcs (>= 1.2.0, < 2.0)
      rspec-support (~> 3.13.0)
    rspec-support (3.13.1)
    ruby-llvm (17.0.0)
      ffi (~> 1.13)
      rake (>= 12, < 14)
    ruby-lsp (0.14.6)
      language_server-protocol (~> 3.17.0)
      prism (>= 0.22.0, < 0.25)
      sorbet-runtime (>= 0.5.10782)
    ruby-lsp-rspec (0.1.10)
      ruby-lsp (~> 0.14.0)
    sorbet-runtime (0.5.11305)
    treetop (1.6.12)
      polyglot (~> 0.3)

PLATFORMS
  arm64-darwin-21
  ruby

DEPENDENCIES
  itree (~> 0.1.2)
  pry (~> 0.14.2)
  readline (~> 0.0.4)
  rspec (~> 3.13)
  ruby-llvm (~> 17.0.0)
  ruby-lsp-rspec
  treetop (~> 1.6)

BUNDLED WITH
   2.5.6
