GEM
  remote: https://rubygems.org/
  specs:
    diff-lcs (1.5.1)
    language_server-protocol (3.17.0.3)
    polyglot (0.3.5)
    prism (0.24.0)
    rspec (3.13.0)
      rspec-core (~> 3.13.0)
      rspec-expectations (~> 3.13.0)
      rspec-mocks (~> 3.13.0)
    rspec-core (3.13.0)
      rspec-support (~> 3.13.0)
    rspec-expectations (3.13.0)
      diff-lcs (>= 1.2.0, < 2.0)
      rspec-support (~> 3.13.0)
    rspec-mocks (3.13.0)
      diff-lcs (>= 1.2.0, < 2.0)
      rspec-support (~> 3.13.0)
    rspec-support (3.13.1)
    ruby-lsp (0.14.6)
      language_server-protocol (~> 3.17.0)
      prism (>= 0.22.0, < 0.25)
      sorbet-runtime (>= 0.5.10782)
    ruby-lsp-rspec (0.1.10)
      ruby-lsp (~> 0.14.0)
    sorbet-runtime (0.5.11305)
    treetop (1.6.12)
      polyglot (~> 0.3)

PLATFORMS
  arm64-darwin-21
  ruby

DEPENDENCIES
  rspec (~> 3.13)
  ruby-lsp-rspec
  treetop (~> 1.6)

BUNDLED WITH
   2.5.6
