GEM
  remote: https://rubygems.org/
  specs:
    diff-lcs (1.5.1)
    polyglot (0.3.5)
    rspec (3.13.0)
      rspec-core (~> 3.13.0)
      rspec-expectations (~> 3.13.0)
      rspec-mocks (~> 3.13.0)
    rspec-core (3.13.0)
      rspec-support (~> 3.13.0)
    rspec-expectations (3.13.0)
      diff-lcs (>= 1.2.0, < 2.0)
      rspec-support (~> 3.13.0)
    rspec-mocks (3.13.0)
      diff-lcs (>= 1.2.0, < 2.0)
      rspec-support (~> 3.13.0)
    rspec-support (3.13.1)
    treetop (1.6.12)
      polyglot (~> 0.3)

PLATFORMS
  arm64-darwin-21
  ruby

DEPENDENCIES
  rspec (~> 3.13)
  treetop (~> 1.6)

BUNDLED WITH
   2.5.6
